GEM
  remote: https://rubygems.org/
  specs:
    backports (3.15.0)
    cliver (0.3.2)
    multi_json (1.14.1)
    mustermann (1.0.3)
    nio4r (2.5.2)
    pdf-core (0.7.0)
    pdf-forms (1.2.0)
      cliver (~> 0.3.2)
      safe_shell (>= 1.0.3, < 2.0)
    prawn (2.2.2)
      pdf-core (~> 0.7.0)
      ttfunk (~> 1.5)
    puma (4.3.0)
      nio4r (~> 2.0)
    rack (2.0.7)
    rack-protection (2.0.7)
      rack
    safe_shell (1.1.0)
    sinatra (2.0.7)
      mustermann (~> 1.0)
      rack (~> 2.0)
      rack-protection (= 2.0.7)
      tilt (~> 2.0)
    sinatra-contrib (2.0.7)
      backports (>= 2.8.2)
      multi_json
      mustermann (~> 1.0)
      rack-protection (= 2.0.7)
      sinatra (= 2.0.7)
      tilt (~> 2.0)
    tilt (2.0.10)
    ttfunk (1.5.1)

PLATFORMS
  ruby

DEPENDENCIES
  pdf-forms (~> 1.2.0)
  prawn (~> 2.2.2)
  puma (~> 4.3.0)
  sinatra (~> 2.0.7)
  sinatra-contrib (~> 2.0.7)

BUNDLED WITH
   1.17.2
